GEM
  remote: https://rubygems.org/
  specs:
    i18n (0.7.0)
    json (1.8.3)
    json (1.8.3-java)
    m9t (0.3.6)
      i18n (>= 0.3.5)
      rake
    metar-parser (1.2.1)
      i18n (~> 0.7.0)
      m9t (~> 0.3.5)
      rake
      rdoc
    rake (11.2.2)
    rdoc (4.2.2)
      json (~> 1.4)
    thor (0.19.1)

PLATFORMS
  java
  ruby

DEPENDENCIES
  metar-parser
  thor

BUNDLED WITH
   1.12.5
